GEM
  remote: https://rubygems.org/
  specs:
    facter (1.7.6)
    hiera (1.3.4)
      json_pure
    highline (1.6.21)
    json (1.8.1)
    json_pure (1.8.1)
    librarian (0.1.2)
      highline
      thor (~> 0.15)
    librarian-puppet (1.0.4)
      json
      librarian (>= 0.1.2)
    puppet (3.4.3)
      facter (~> 1.6)
      hiera (~> 1.0)
      rgen (~> 0.6.5)
    rgen (0.6.6)
    thor (0.19.1)
    vagrant-cachier (0.8.0)
    vagrant-librarian-puppet (0.7.1)
      librarian (~> 0.1.2)
      librarian-puppet (~> 1.0.2)
      puppet (~> 3.4.3)

PLATFORMS
  ruby

DEPENDENCIES
  librarian-puppet
  vagrant-cachier
  vagrant-librarian-puppet
